GEM
  remote: https://rubygems.org/
  specs:
    daemons (1.2.6)
    ffi (1.9.23)
    libnotify (0.9.4)
      ffi (>= 1.0.11)
    mini_portile2 (2.3.0)
    nokogiri (1.8.2)
      mini_portile2 (~> 2.3.0)

PLATFORMS
  ruby

DEPENDENCIES
  daemons
  libnotify
  nokogiri

BUNDLED WITH
   1.16.1
