GEM
  remote: https://rubygems.org/
  specs:
    daemons (1.2.4)
    ffi (1.9.18)
    libnotify (0.9.3)
      ffi (>= 1.0.11)
    mini_portile2 (2.2.0)
    nokogiri (1.8.0)
      mini_portile2 (~> 2.2.0)

PLATFORMS
  ruby

DEPENDENCIES
  daemons
  libnotify
  nokogiri

BUNDLED WITH
   1.15.1
